GEM
  specs:
    mtg-db (2.4.2.2)

PLATFORMS
  ruby

DEPENDENCIES
  mtg-db

BUNDLED WITH
   2.1.4
